GEM
  remote: https://rubygems.org/
  specs:
    pg (0.9.0)

PLATFORMS
  ruby

DEPENDENCIES
  pg (= 0.9.0)

BUNDLED WITH
   1.15.4
