GEM
  remote: https://rubygems.org/
  specs:
    mac-say (0.2.0)

PLATFORMS
  ruby

DEPENDENCIES
  mac-say (~> 0.2.0)

BUNDLED WITH
   1.15.4
